GEM
  remote: https://rubygems.org/
  specs:
    ast (2.4.0)
    parser (2.5.1.2)
      ast (~> 2.4.0)
    powerpack (0.1.2)
    rainbow (2.2.2)
      rake
    rake (12.3.1)
    rubocop (0.37.2)
      parser (>= 2.3.0.4, < 3.0)
      powerpack (~> 0.1)
      rainbow (>= 1.99.1, < 3.0)
      ruby-progressbar (~> 1.7)
      unicode-display_width (~> 0.3)
    rubocop-checkstyle_formatter (0.4.0)
      rubocop (>= 0.35.1)
    ruby-progressbar (1.10.0)
    unicode-display_width (0.3.1)

PLATFORMS
  ruby

DEPENDENCIES
  rubocop (~> 0.37.0)
  rubocop-checkstyle_formatter (~> 0.4.0)

BUNDLED WITH
   1.16.3
